PATH
  remote: .
  specs:
    ruby-api (0.1.0)
      nokogiri (~> 1.10)
      sinatra (~> 2.0)

GEM
  remote: https://rubygems.org/
  specs:
    mini_portile2 (2.4.0)
    mustermann (1.0.3)
    nokogiri (1.10.3)
      mini_portile2 (~> 2.4.0)
    rack (2.0.7)
    rack-protection (2.0.5)
      rack
    rake (10.5.0)
    sinatra (2.0.5)
      mustermann (~> 1.0)
      rack (~> 2.0)
      rack-protection (= 2.0.5)
      tilt (~> 2.0)
    tilt (2.0.9)

PLATFORMS
  ruby

DEPENDENCIES
  bundler (~> 2.0)
  rake (~> 10.0)
  ruby-api!

BUNDLED WITH
   2.0.1
